{
  "InstitutionAddress": "16 Lincui Road, Chaoyang District, Beijing, China",
  "InstitutionName": "Institute of Psychology",
  "InstitutionalDepartmentName": "CAS Key Laboratory of Mental Health",
  "PowerLineFrequency": 50,
  "ManufacturersModelName": "ANT Neuro, the Netherlands,32 Ag/AgCl scalp electrodes",
  "EEGReference": "CPz",
  "TaskName": "65ByANT",
  "EEGChannelCount": 32,
  "RecordingType": "continuous",
  "RecordingDuration": 2732.661,
  "SamplingFrequency": 1000,
  "EOGChannelCount": 0,
  "ECGChannelCount": 0,
  "EMGChannelCount": 0,
  "SoftwareFilters": "n/a"
}